GEM
  remote: https://rubygems.org/
  specs:
    OptionParser (0.5.1)

PLATFORMS
  ruby

DEPENDENCIES
  OptionParser
